GEM
  remote: https://rubygems.org/
  specs:
    base64 (0.2.0)
    csv (3.3.2)
    logger (1.6.4)
    rexml (3.4.0)
    rubyzip (2.3.2)
    selenium-webdriver (4.27.0)
      base64 (~> 0.2)
      logger (~> 1.4)
      rexml (~> 3.2, >= 3.2.5)
      rubyzip (>= 1.2.2, < 3.0)
      websocket (~> 1.0)
    websocket (1.2.11)

PLATFORMS
  ruby
  x86_64-linux

DEPENDENCIES
  csv
  selenium-webdriver (~> 4.12)

BUNDLED WITH
   2.6.2
